STORAGE: NONE
NUGET
  remote: https://api.nuget.org/v3/index.json
    FParsec (1.1.1)
      FSharp.Core (>= 4.3.4) - restriction: || (>= net45) (>= netstandard2.0)
      System.ValueTuple (>= 4.4) - restriction: >= net45
    FSharp.Core (9.0.100)
    FSharp.Data.LiteralProviders (1.0.3)
      FSharp.Core (>= 4.5)
    System.ValueTuple (4.5) - restriction: >= net45

GROUP Tests
STORAGE: NONE
NUGET
  remote: https://api.nuget.org/v3/index.json
    coverlet.collector (6.0.2)
    FluentAssertions (7.0)
      System.Configuration.ConfigurationManager (>= 6.0) - restriction: >= net6.0
      System.Threading.Tasks.Extensions (>= 4.5.4) - restriction: || (>= net47) (&& (>= netstandard2.0) (< netstandard2.1))
    FSharp.Core (9.0.100)
    Microsoft.CodeCoverage (17.12) - restriction: || (>= net462) (>= netcoreapp3.1)
    Microsoft.NET.Test.Sdk (17.12)
      Microsoft.CodeCoverage (>= 17.12) - restriction: || (>= net462) (>= netcoreapp3.1)
      Microsoft.TestPlatform.TestHost (>= 17.12) - restriction: >= netcoreapp3.1
    Microsoft.TestPlatform.ObjectModel (17.12) - restriction: >= netcoreapp3.1
      System.Reflection.Metadata (>= 1.6) - restriction: || (>= net462) (>= netstandard2.0)
    Microsoft.TestPlatform.TestHost (17.12) - restriction: >= netcoreapp3.1
      Microsoft.TestPlatform.ObjectModel (>= 17.12) - restriction: >= netcoreapp3.1
      Newtonsoft.Json (>= 13.0.1) - restriction: >= netcoreapp3.1
    Newtonsoft.Json (13.0.3) - restriction: >= netcoreapp3.1
    NUnit (4.2.2)
      System.Memory (>= 4.5.5) - restriction: >= net462
      System.Threading.Tasks.Extensions (>= 4.5.4) - restriction: >= net462
      System.ValueTuple (>= 4.5) - restriction: >= net462
    NUnit.Analyzers (4.4)
    NUnit3TestAdapter (4.6)
    System.Buffers (4.6) - restriction: >= net462
    System.Collections.Immutable (9.0) - restriction: || (&& (>= net462) (>= netcoreapp3.1)) (&& (>= net8.0) (< net9.0)) (&& (< net8.0) (>= netcoreapp3.1))
      System.Memory (>= 4.5.5) - restriction: || (>= net462) (&& (< net8.0) (>= netstandard2.0))
      System.Runtime.CompilerServices.Unsafe (>= 6.0) - restriction: || (>= net462) (&& (< net8.0) (>= netstandard2.0))
    System.Configuration.ConfigurationManager (9.0) - restriction: >= net6.0
      System.Diagnostics.EventLog (>= 9.0) - restriction: >= net8.0
      System.Security.Cryptography.ProtectedData (>= 9.0) - restriction: || (&& (< net462) (>= netstandard2.0)) (>= net8.0)
    System.Diagnostics.EventLog (9.0) - restriction: >= net8.0
    System.Memory (4.6) - restriction: || (>= net462) (&& (>= net6.0) (< net8.0)) (&& (< net8.0) (>= netcoreapp3.1))
      System.Buffers (>= 4.6) - restriction: || (>= net462) (&& (< netcoreapp2.1) (>= netstandard2.0))
      System.Numerics.Vectors (>= 4.6) - restriction: || (>= net462) (&& (< netcoreapp2.1) (>= netstandard2.0))
      System.Runtime.CompilerServices.Unsafe (>= 6.1) - restriction: || (>= net462) (&& (< netcoreapp2.1) (>= netstandard2.0))
    System.Numerics.Vectors (4.6) - restriction: >= net462
    System.Reflection.Metadata (9.0) - restriction: >= netcoreapp3.1
      System.Collections.Immutable (>= 9.0) - restriction: || (>= net462) (&& (>= net8.0) (< net9.0)) (&& (< net8.0) (>= netstandard2.0))
      System.Memory (>= 4.5.5) - restriction: || (>= net462) (&& (< net8.0) (>= netstandard2.0))
    System.Runtime.CompilerServices.Unsafe (6.1) - restriction: || (>= net462) (&& (< net8.0) (>= netcoreapp3.1)) (&& (< netcoreapp2.1) (>= netstandard2.0) (< netstandard2.1))
    System.Security.Cryptography.ProtectedData (9.0) - restriction: >= net6.0
      System.Memory (>= 4.5.5) - restriction: && (< net462) (< net8.0) (>= netstandard2.0)
    System.Threading.Tasks.Extensions (4.6) - restriction: || (>= net462) (&& (>= netstandard2.0) (< netstandard2.1))
      System.Runtime.CompilerServices.Unsafe (>= 6.1) - restriction: || (>= net462) (&& (< netcoreapp2.1) (>= netstandard2.0))
    System.ValueTuple (4.5) - restriction: >= net462
